GIT
  remote: https://github.com/mehdisadeghi/jekyll-tagging-lite
  revision: 76fbc51bc644c660144ed9f6a1b0a854b23ee0f8
  tag: v1.1.0
  specs:
    jekyll-tagging (1.1.0)
      nuggets

PATH
  remote: .
  specs:
    jekyll-theme-mehdix-rtl (2.5.0)
      jekyll (~> 3.3)
      jekyll-default-layout (~> 0.1)
      jekyll-hinduarabic (~> 0.1)
      jekyll-include-cache (~> 0)
      jekyll-jalali (~> 0.1)
      jekyll-paginate (~> 1.1)
      jekyll-seo-tag (~> 2.4)
      jekyll-sitemap (~> 1.1)
      jekyll-tagging-lite (~> 0.1)
      jekyll-tagging-related_posts (~> 1.0)
      liquid_reading_time (~> 1.1)

GEM
  remote: https://rubygems.org/
  specs:
    addressable (2.6.0)
      public_suffix (>= 2.0.2, < 4.0)
    colorator (1.1.0)
    concurrent-ruby (1.1.5)
    em-websocket (0.5.1)
      eventmachine (>= 0.12.9)
      http_parser.rb (~> 0.6.0)
    eventmachine (1.2.7)
    ffi (1.11.1)
    forwardable-extended (2.6.0)
    http_parser.rb (0.6.0)
    i18n (0.9.5)
      concurrent-ruby (~> 1.0)
    jalalidate (0.3.6)
    jekyll (3.8.6)
      addressable (~> 2.4)
      colorator (~> 1.0)
      em-websocket (~> 0.5)
      i18n (~> 0.7)
      jekyll-sass-converter (~> 1.0)
      jekyll-watch (~> 2.0)
      kramdown (~> 1.14)
      liquid (~> 4.0)
      mercenary (~> 0.3.3)
      pathutil (~> 0.9)
      rouge (>= 1.7, < 4)
      safe_yaml (~> 1.0)
    jekyll-default-layout (0.1.4)
      jekyll (~> 3.0)
    jekyll-hinduarabic (0.1.1)
    jekyll-include-cache (0.2.0)
      jekyll (>= 3.7, < 5.0)
    jekyll-jalali (0.1.2)
      jalalidate (~> 0.3)
    jekyll-paginate (1.1.0)
    jekyll-sass-converter (1.5.2)
      sass (~> 3.4)
    jekyll-seo-tag (2.6.1)
      jekyll (>= 3.3, < 5.0)
    jekyll-sitemap (1.3.1)
      jekyll (>= 3.7, < 5.0)
    jekyll-tagging-lite (0.1.0)
      nuggets (~> 0)
    jekyll-tagging-related_posts (1.1.0)
      jekyll (>= 3.5, < 5.0)
      jekyll-tagging (~> 1.0)
    jekyll-watch (2.2.1)
      listen (~> 3.0)
    kramdown (1.17.0)
    liquid (4.0.3)
    liquid_reading_time (1.1.3)
      liquid (>= 2.6, < 5.0)
      nokogiri (~> 1.6)
    listen (3.1.5)
      rb-fsevent (~> 0.9, >= 0.9.4)
      rb-inotify (~> 0.9, >= 0.9.7)
      ruby_dep (~> 1.2)
    mercenary (0.3.6)
    mini_portile2 (2.8.0)
    nokogiri (1.13.6)
      mini_portile2 (~> 2.8.0)
      racc (~> 1.4)
    nuggets (0.9.9)
      ruby-nuggets (= 0.9.9)
    pathutil (0.16.2)
      forwardable-extended (~> 2.6)
    public_suffix (3.1.1)
    racc (1.6.0)
    rake (12.3.3)
    rb-fsevent (0.10.3)
    rb-inotify (0.10.0)
      ffi (~> 1.0)
    rouge (3.9.0)
    ruby-nuggets (0.9.9)
    ruby_dep (1.5.0)
    safe_yaml (1.0.5)
    sass (3.7.4)
      sass-listen (~> 4.0.0)
    sass-listen (4.0.0)
      rb-fsevent (~> 0.9, >= 0.9.4)
      rb-inotify (~> 0.9, >= 0.9.7)

PLATFORMS
  ruby

DEPENDENCIES
  bundler (~> 2)
  jekyll-default-layout
  jekyll-hinduarabic
  jekyll-include-cache
  jekyll-jalali
  jekyll-paginate
  jekyll-seo-tag
  jekyll-sitemap
  jekyll-tagging!
  jekyll-tagging-lite
  jekyll-tagging-related_posts
  jekyll-theme-mehdix-rtl!
  liquid_reading_time
  rake (~> 12)

BUNDLED WITH
   2.0.1
